GIT
  remote: git://github.com/airblade/paper_trail.git
  revision: 009d3bd4a371f6c93c765fb4ee754ed98608437e
  branch: rails4
  specs:
    paper_trail (2.7.1)
      activerecord (>= 4.0.0.beta, < 5.0)
      railties (>= 4.0.0.beta, < 5.0)

GEM
  remote: https://rubygems.org/
  specs:
    actionmailer (4.0.0.rc1)
      actionpack (= 4.0.0.rc1)
      mail (~> 2.5.3)
    actionpack (4.0.0.rc1)
      activesupport (= 4.0.0.rc1)
      builder (~> 3.1.0)
      erubis (~> 2.7.0)
      rack (~> 1.5.2)
      rack-test (~> 0.6.2)
    actionpack-action_caching (1.0.0)
      actionpack (>= 4.0.0.beta, < 5.0)
    actionpack-page_caching (1.0.0)
      actionpack (>= 4.0.0.beta, < 5.0)
    activemodel (4.0.0.rc1)
      activesupport (= 4.0.0.rc1)
      builder (~> 3.1.0)
    activerecord (4.0.0.rc1)
      activemodel (= 4.0.0.rc1)
      activerecord-deprecated_finders (~> 1.0.2)
      activesupport (= 4.0.0.rc1)
      arel (~> 4.0.0)
    activerecord-deprecated_finders (1.0.2)
    activesupport (4.0.0.rc1)
      i18n (~> 0.6, >= 0.6.4)
      minitest (~> 4.2)
      multi_json (~> 1.3)
      thread_safe (~> 0.1)
      tzinfo (~> 0.3.37)
    arel (4.0.0)
    atomic (1.1.8)
    builder (3.1.4)
    capybara (2.1.0)
      mime-types (>= 1.16)
      nokogiri (>= 1.3.3)
      rack (>= 1.0.0)
      rack-test (>= 0.5.4)
      xpath (~> 2.0)
    coderay (1.0.9)
    coffee-rails (4.0.0)
      coffee-script (>= 2.2.0)
      railties (>= 4.0.0.beta, < 5.0)
    coffee-script (2.2.0)
      coffee-script-source
      execjs
    coffee-script-source (1.6.2)
    diff-lcs (1.2.4)
    erubis (2.7.0)
    execjs (1.4.0)
      multi_json (~> 1.0)
    factory_girl (4.2.0)
      activesupport (>= 3.0.0)
    factory_girl_rails (4.2.1)
      factory_girl (~> 4.2.0)
      railties (>= 3.0.0)
    ffi (1.8.1)
    formatador (0.2.4)
    guard (1.8.0)
      formatador (>= 0.2.4)
      listen (>= 1.0.0)
      lumberjack (>= 1.0.2)
      pry (>= 0.9.10)
      thor (>= 0.14.6)
    guard-rspec (2.6.0)
      guard (>= 1.8)
      rspec (~> 2.13)
    hike (1.2.2)
    i18n (0.6.4)
    jquery-rails (2.2.1)
      railties (>= 3.0, < 5.0)
      thor (>= 0.14, < 2.0)
    listen (1.0.3)
      rb-fsevent (>= 0.9.3)
      rb-inotify (>= 0.9)
      rb-kqueue (>= 0.2)
    lumberjack (1.0.3)
    mail (2.5.3)
      i18n (>= 0.4.0)
      mime-types (~> 1.16)
      treetop (~> 1.4.8)
    method_source (0.8.1)
    mime-types (1.23)
    minitest (4.7.4)
    multi_json (1.7.3)
    nokogiri (1.5.9)
    polyglot (0.3.3)
    pry (0.9.12.1)
      coderay (~> 1.0.5)
      method_source (~> 0.8)
      slop (~> 3.4)
    rack (1.5.2)
    rack-test (0.6.2)
      rack (>= 1.0)
    rails (4.0.0.rc1)
      actionmailer (= 4.0.0.rc1)
      actionpack (= 4.0.0.rc1)
      activerecord (= 4.0.0.rc1)
      activesupport (= 4.0.0.rc1)
      bundler (>= 1.3.0, < 2.0)
      railties (= 4.0.0.rc1)
      sprockets-rails (~> 2.0.0.rc4)
    rails-observers (0.1.1)
      railties (~> 4.0.0.beta)
    railties (4.0.0.rc1)
      actionpack (= 4.0.0.rc1)
      activesupport (= 4.0.0.rc1)
      rake (>= 0.8.7)
      thor (>= 0.18.1, < 2.0)
    rake (10.0.4)
    rb-fsevent (0.9.3)
    rb-inotify (0.9.0)
      ffi (>= 0.5.0)
    rb-kqueue (0.2.0)
      ffi (>= 0.5.0)
    rspec (2.13.0)
      rspec-core (~> 2.13.0)
      rspec-expectations (~> 2.13.0)
      rspec-mocks (~> 2.13.0)
    rspec-core (2.13.1)
    rspec-expectations (2.13.0)
      diff-lcs (>= 1.1.3, < 2.0)
    rspec-mocks (2.13.1)
    rspec-rails (2.13.1)
      actionpack (>= 3.0)
      activesupport (>= 3.0)
      railties (>= 3.0)
      rspec-core (~> 2.13.0)
      rspec-expectations (~> 2.13.0)
      rspec-mocks (~> 2.13.0)
    sass (3.2.8)
    sass-rails (4.0.0.rc1)
      railties (>= 4.0.0.beta, < 5.0)
      sass (>= 3.1.10)
      sprockets-rails (~> 2.0.0.rc0)
      tilt (~> 1.3)
    slop (3.4.4)
    sprockets (2.9.3)
      hike (~> 1.2)
      multi_json (~> 1.0)
      rack (~> 1.0)
      tilt (~> 1.1, != 1.3.0)
    sprockets-rails (2.0.0.rc4)
      actionpack (>= 3.0)
      activesupport (>= 3.0)
      sprockets (~> 2.8)
    sqlite3 (1.3.7)
    thor (0.18.1)
    thread_safe (0.1.0)
      atomic
    tilt (1.4.0)
    treetop (1.4.12)
      polyglot
      polyglot (>= 0.3.1)
    tzinfo (0.3.37)
    uglifier (2.0.1)
      execjs (>= 0.3.0)
      multi_json (~> 1.0, >= 1.0.2)
    xpath (2.0.0)
      nokogiri (~> 1.3)

PLATFORMS
  ruby

DEPENDENCIES
  actionpack-action_caching
  actionpack-page_caching
  capybara
  coffee-rails (~> 4.0.0)
  factory_girl_rails
  guard-rspec
  jquery-rails
  paper_trail!
  rails (= 4.0.0.rc1)
  rails-observers
  rb-fsevent
  rspec-rails
  sass-rails (~> 4.0.0.rc1)
  sqlite3
  uglifier (>= 1.3.0)
